PATH
  remote: .
  specs:
    r00lz (0.1.0)
      rack (~> 2.0.7)

GEM
  remote: https://rubygems.org/
  specs:
    minitest (5.25.4)
    rack (2.0.9.4)
    rake (10.5.0)

PLATFORMS
  ruby

DEPENDENCIES
  bundler (~> 1.17)
  minitest
  r00lz!
  rake (~> 10.0)

BUNDLED WITH
   1.17.2
